GEM
  remote: https://rubygems.org/
  specs:
    given_core (3.8.0)
      sorcerer (>= 0.3.7)
    minitest (5.8.4)
    minitest-given (3.8.0)
      given_core (= 3.8.0)
      minitest (> 4.3)
    sorcerer (1.0.2)

PLATFORMS
  ruby

DEPENDENCIES
  minitest-given (~> 3.7, >= 3.7.1)

BUNDLED WITH
   1.11.2
